GEM
  remote: http://rubygems.org/
  specs:
    colored (1.2)
    cxxproject (0.6.5)
      colored
      highline (>= 1.6.0)
      progressbar
    cxxproject_gcctoolchain (0.1.2)
      cxxproject (>= 0.6.2)
    diff-lcs (1.1.3)
    highline (1.6.13)
    progressbar (0.11.0)
    rspec (2.11.0)
      rspec-core (~> 2.11.0)
      rspec-expectations (~> 2.11.0)
      rspec-mocks (~> 2.11.0)
    rspec-core (2.11.0)
    rspec-expectations (2.11.1)
      diff-lcs (~> 1.1.3)
    rspec-mocks (2.11.0)

PLATFORMS
  ruby

DEPENDENCIES
  cxxproject_gcctoolchain
  rspec
