GEM
  remote: http://rubygems.org/
  specs:
    colored (1.2)
    cxxproject (0.6.6)
      colored
      highline (>= 1.6.0)
      progressbar
    cxxproject_gcctoolchain (0.1.2)
      cxxproject (>= 0.6.2)
    diff-lcs (1.1.3)
    grit (2.5.0)
      diff-lcs (~> 1.1)
      mime-types (~> 1.15)
      posix-spawn (~> 0.3.6)
    highline (1.6.13)
    mime-types (1.19)
    posix-spawn (0.3.6)
    progressbar (0.11.0)
    roodi (2.1.0)
      ruby_parser
    rspec (2.11.0)
      rspec-core (~> 2.11.0)
      rspec-expectations (~> 2.11.0)
      rspec-mocks (~> 2.11.0)
    rspec-core (2.11.0)
    rspec-expectations (2.11.1)
      diff-lcs (~> 1.1.3)
    rspec-mocks (2.11.1)
    ruby_parser (2.3.1)
      sexp_processor (~> 3.0)
    sexp_processor (3.2.0)

PLATFORMS
  ruby

DEPENDENCIES
  cxxproject_gcctoolchain
  grit
  roodi
  rspec
